GIT
  remote: git://github.com/brianmario/yajl-ruby.git
  revision: b08b3f7ffd2fe5fad051f9d4a78db7ce71d7a5fc
  specs:
    yajl-ruby (1.1.0)

GEM
  remote: http://rubygems.org/
  specs:
    rack (1.4.1)
    rack-protection (1.2.0)
      rack
    sinatra (1.3.2)
      rack (~> 1.3, >= 1.3.6)
      rack-protection (~> 1.2)
      tilt (~> 1.3, >= 1.3.3)
    tilt (1.3.3)

PLATFORMS
  ruby

DEPENDENCIES
  sinatra
  yajl-ruby!
