GIT
  remote: git://github.com/cloudfoundry/common.git
  revision: e36886a189b82f880a5aa3e9169712d5d9048a88
  ref: e36886a1
  specs:
    vcap_logging (1.0.1)
      rake

GIT
  remote: https://github.com/cloudfoundry/eventmachine.git
  revision: 2806c630d8631d5dcf9fb2555f665b829052aabe
  branch: release-0.12.11-cf
  specs:
    eventmachine (0.12.11.cloudfoundry.3)

GEM
  remote: http://rubygems.org/
  specs:
    rack (1.4.1)
    rack-protection (1.2.0)
      rack
    rake (0.9.2.2)
    sinatra (1.3.2)
      rack (~> 1.3, >= 1.3.6)
      rack-protection (~> 1.2)
      tilt (~> 1.3, >= 1.3.3)
    tilt (1.3.3)

PLATFORMS
  ruby

DEPENDENCIES
  eventmachine!
  sinatra
  vcap_logging!
